GEM
  remote: http://rubygems.org/
  specs:
    addressable (2.2.8)
    builder (3.1.3)
    faraday (0.7.6)
      addressable (~> 2.2)
      multipart-post (~> 1.1)
      rack (~> 1.1)
    github_api (0.5.1)
      faraday (~> 0.7.6)
      hashie (~> 1.2.0)
      multi_json (~> 1.3)
      nokogiri (~> 1.5.2)
      oauth2 (~> 0.5.2)
    hashie (1.2.0)
    json (1.7.5)
    mime-types (1.19)
    multi_json (1.3.5)
    multipart-post (1.1.5)
    nokogiri (1.5.2)
    oauth2 (0.5.2)
      faraday (~> 0.7)
      multi_json (~> 1.0)
    plist (3.1.0)
    rack (1.4.1)
    rake (0.9.2.2)
    rest-client (1.6.7)
      mime-types (>= 1.16)
    xcoder (0.1.12)
      builder
      json
      nokogiri
      plist
      rest-client

PLATFORMS
  ruby

DEPENDENCIES
  github_api
  rake
  xcoder
